ObjectType = Image
NDims = 3
BinaryData = True
BinaryDataByteOrderMSB = False
CompressedData = False
TransformMatrix = 1 0 0 0 1 0 0 0 1
Offset = 37.629 35.631 102.231
CenterOfRotation = 0 0 0
AnatomicalOrientation = RAI
ElementSpacing = 0.333 0.333 0.333
DimSize = 120 100 103
ElementNumberOfChannels = 3
ElementType = MET_UCHAR
ElementDataFile = VisibleWomanEye.raw
